GEM
  remote: http://rubygems.org/
  specs:
    activesupport (3.0.9)
    git (1.2.5)
    jeweler (1.5.2)
      bundler (~> 1.0.0)
      git (>= 1.2.5)
      rake
    rake (0.9.2)

PLATFORMS
  ruby

DEPENDENCIES
  activesupport (>= 2.3.5)
  bundler (~> 1.0.0)
  jeweler (~> 1.5.2)
